PATH
  remote: .
  specs:
    test_cli (0.1.0)

GEM
  remote: https://rubygems.org/
  specs:
    bcrypt (3.1.18)
    coderay (1.1.3)
    date (3.3.3)
    diff-lcs (1.5.0)
    method_source (1.0.0)
    nokogiri (1.14.0-x64-mingw-ucrt)
      racc (~> 1.4)
    open-uri (0.3.0)
      stringio
      time
      uri
    pry (0.14.2)
      coderay (~> 1.1)
      method_source (~> 1.0)
    racc (1.6.2)
    rake (13.0.6)
    rspec (3.12.0)
      rspec-core (~> 3.12.0)
      rspec-expectations (~> 3.12.0)
      rspec-mocks (~> 3.12.0)
    rspec-core (3.12.0)
      rspec-support (~> 3.12.0)
    rspec-expectations (3.12.2)
      diff-lcs (>= 1.2.0, < 2.0)
      rspec-support (~> 3.12.0)
    rspec-mocks (3.12.2)
      diff-lcs (>= 1.2.0, < 2.0)
      rspec-support (~> 3.12.0)
    rspec-support (3.12.0)
    stringio (3.0.4)
    time (0.2.1)
      date
    uri (0.12.0)

PLATFORMS
  x64-mingw-ucrt

DEPENDENCIES
  bcrypt
  nokogiri
  open-uri
  pry
  rake (~> 13.0)
  rspec (~> 3.0)
  test_cli!

BUNDLED WITH
   2.4.3
